GEM
  remote: http://rubygems.org/
  specs:
    activemodel (3.0.7)
      activesupport (= 3.0.7)
      builder (~> 2.1.2)
      i18n (~> 0.5.0)
    activesupport (3.0.7)
    bson (1.3.1)
    bson_ext (1.3.1)
    builder (2.1.2)
    i18n (0.5.0)
    mongo (1.3.1)
      bson (>= 1.3.1)
    mongoid (2.0.2)
      activemodel (~> 3.0)
      mongo (~> 1.3)
      tzinfo (~> 0.3.22)
    rake (0.9.1)
    rdoc (3.6.1)
    shoulda (2.11.3)
    tzinfo (0.3.27)

PLATFORMS
  ruby

DEPENDENCIES
  bson_ext (~> 1.2)
  mongoid (= 2.0.2)
  rake
  rdoc
  shoulda (>= 2.10.2)
